GEM
  remote: https://rubygems.org/
  specs:
    coderay (1.1.3)
    ddtrace (1.0.0.beta1)
      debase-ruby_core_source (<= 0.10.14)
      libddwaf (~> 1.0.14.2.0.a)
      msgpack
    debase-ruby_core_source (0.10.14)
    ffi (1.15.5)
    libddwaf (1.0.14.2.0.beta1-aarch64-linux)
      ffi (~> 1.0)
    libddwaf (1.0.14.2.0.beta1-x86_64-linux)
      ffi (~> 1.0)
    method_source (1.0.0)
    msgpack (1.4.4)
    mustermann (1.1.1)
      ruby2_keywords (~> 0.0.1)
    nio4r (2.5.8)
    pry (0.14.1)
      coderay (~> 1.1)
      method_source (~> 1.0)
    puma (5.6.1)
      nio4r (~> 2.0)
    rack (2.2.3)
    rack-contrib (2.3.0)
      rack (~> 2.0)
    rack-protection (2.1.0)
      rack
    ruby2_keywords (0.0.5)
    sinatra (2.1.0)
      mustermann (~> 1.0)
      rack (~> 2.2)
      rack-protection (= 2.1.0)
      tilt (~> 2.0)
    tilt (2.0.10)

PLATFORMS
  aarch64-linux
  x86_64-linux

DEPENDENCIES
  ddtrace (~> 1.0.0.a)
  pry
  puma
  rack-contrib
  sinatra (~> 2.1.0)

BUNDLED WITH
   2.3.3
