GEM
  remote: https://rubygems.org/
  specs:
    base64 (0.2.0)
    coderay (1.1.3)
    ddtrace (1.0.0)
      debase-ruby_core_source (<= 0.10.15)
      libddwaf (~> 1.3.0.0.0.a)
      msgpack
    debase-ruby_core_source (0.10.15)
    ffi (1.16.3)
    libddwaf (1.3.0.0.0)
      ffi (~> 1.0)
    libddwaf (1.3.0.0.0-aarch64-linux)
      ffi (~> 1.0)
    libddwaf (1.3.0.0.0-arm64-darwin)
      ffi (~> 1.0)
    libddwaf (1.3.0.0.0-x86_64-darwin)
      ffi (~> 1.0)
    libddwaf (1.3.0.0.0-x86_64-linux)
      ffi (~> 1.0)
    method_source (1.0.0)
    msgpack (1.7.2)
    mustermann (3.0.0)
      ruby2_keywords (~> 0.0.1)
    nio4r (2.7.0)
    pry (0.14.2)
      coderay (~> 1.1)
      method_source (~> 1.0)
    puma (6.4.2)
      nio4r (~> 2.0)
    rack (3.0.9.1)
    rack-contrib (2.4.0)
      rack (< 4)
    rack-protection (4.0.0)
      base64 (>= 0.1.0)
      rack (>= 3.0.0, < 4)
    rack-session (2.0.0)
      rack (>= 3.0.0)
    ruby2_keywords (0.0.5)
    sinatra (4.0.0)
      mustermann (~> 3.0)
      rack (>= 3.0.0, < 4)
      rack-protection (= 4.0.0)
      rack-session (>= 2.0.0, < 3)
      tilt (~> 2.0)
    tilt (2.3.0)

PLATFORMS
  aarch64-linux-gnu
  arm64-darwin
  ruby
  x86_64-darwin
  x86_64-linux-gnu

DEPENDENCIES
  ddtrace (~> 1.0.0.a)
  pry
  puma
  rack-contrib
  sinatra (~> 4.0.0)

BUNDLED WITH
   2.3.26
