GEM
  remote: https://rubygems.org/
  specs:
    coderay (1.1.3)
    ddtrace (1.0.0)
      debase-ruby_core_source (<= 0.10.15)
      libddwaf (~> 1.3.0.0.0.a)
      msgpack
    debase-ruby_core_source (0.10.15)
    dogstatsd-ruby (5.6.6)
    faraday (2.13.1)
      faraday-net_http (>= 2.0, < 3.5)
      json
      logger
    faraday-net_http (3.4.1)
      net-http (>= 0.5.0)
    ffi (1.16.3)
    json (2.12.2)
    libddwaf (1.3.0.0.0)
      ffi (~> 1.0)
    libddwaf (1.3.0.0.0-aarch64-linux)
      ffi (~> 1.0)
    libddwaf (1.3.0.0.0-arm64-darwin)
      ffi (~> 1.0)
    libddwaf (1.3.0.0.0-x86_64-darwin)
      ffi (~> 1.0)
    libddwaf (1.3.0.0.0-x86_64-linux)
      ffi (~> 1.0)
    logger (1.7.0)
    method_source (1.0.0)
    msgpack (1.7.2)
    mustermann (3.0.0)
      ruby2_keywords (~> 0.0.1)
    net-http (0.6.0)
      uri
    nio4r (2.7.0)
    pry (0.14.2)
      coderay (~> 1.1)
      method_source (~> 1.0)
    puma (6.4.2)
      nio4r (~> 2.0)
    rack (2.2.8.1)
    rack-contrib (2.4.0)
      rack (< 4)
    rack-protection (3.0.6)
      rack
    ruby2_keywords (0.0.5)
    sinatra (3.0.6)
      mustermann (~> 3.0)
      rack (~> 2.2, >= 2.2.4)
      rack-protection (= 3.0.6)
      tilt (~> 2.0)
    tilt (2.3.0)
    uri (1.0.3)

PLATFORMS
  aarch64-linux-gnu
  arm64-darwin
  ruby
  x86_64-darwin
  x86_64-linux-gnu

DEPENDENCIES
  ddtrace (~> 1.0.0.a)
  dogstatsd-ruby
  faraday
  pry
  puma
  rack-contrib
  sinatra (~> 3.0.0)

BUNDLED WITH
   2.5.21
