GEM
  remote: https://rubygems.org/
  specs:
    coderay (1.1.3)
    ddtrace (1.0.0.beta1)
      debase-ruby_core_source (<= 0.10.14)
      libddwaf (~> 1.0.14.2.0.a)
      msgpack
    debase-ruby_core_source (0.10.14)
    ffi (1.15.5)
    libddwaf (1.0.14.2.0.beta1-aarch64-linux)
      ffi (~> 1.0)
    libddwaf (1.0.14.2.0.beta1-x86_64-linux)
      ffi (~> 1.0)
    method_source (1.0.0)
    msgpack (1.4.4)
    nio4r (2.7.0)
    pry (0.14.1)
      coderay (~> 1.1)
      method_source (~> 1.0)
    puma (5.6.8)
      nio4r (~> 2.0)
    rack (2.2.3)
    rack-contrib (2.3.0)
      rack (~> 2.0)

PLATFORMS
  aarch64-linux
  x86_64-linux

DEPENDENCIES
  ddtrace (~> 1.0.0.a)
  pry
  puma
  rack-contrib

BUNDLED WITH
   2.2.32
