GEM
  remote: https://rubygems.org/
  specs:
    base64 (0.3.0)
    byebug (12.0.0)
    coderay (1.1.3)
    datadog (2.18.0)
      datadog-ruby_core_source (~> 3.4, >= 3.4.1)
      libdatadog (~> 18.1.0.1.0)
      libddwaf (~> 1.24.1.0.0)
      logger
      msgpack
    datadog-ruby_core_source (3.4.1)
    dogstatsd-ruby (5.7.0)
    faraday (2.13.2)
      faraday-net_http (>= 2.0, < 3.5)
      json
      logger
    faraday-net_http (3.4.1)
      net-http (>= 0.5.0)
    ffi (1.17.2)
    ffi (1.17.2-aarch64-linux-gnu)
    ffi (1.17.2-aarch64-linux-musl)
    ffi (1.17.2-arm-linux-gnu)
    ffi (1.17.2-arm-linux-musl)
    ffi (1.17.2-arm64-darwin)
    ffi (1.17.2-x86-linux-gnu)
    ffi (1.17.2-x86-linux-musl)
    ffi (1.17.2-x86_64-darwin)
    ffi (1.17.2-x86_64-linux-gnu)
    ffi (1.17.2-x86_64-linux-musl)
    json (2.13.0)
    libdatadog (18.1.0.1.0)
    libdatadog (18.1.0.1.0-aarch64-linux)
    libdatadog (18.1.0.1.0-x86_64-linux)
    libddwaf (1.24.1.0.0)
      ffi (~> 1.0)
    libddwaf (1.24.1.0.0-aarch64-linux-gnu)
      ffi (~> 1.0)
    libddwaf (1.24.1.0.0-aarch64-linux-musl)
      ffi (~> 1.0)
    libddwaf (1.24.1.0.0-arm64-darwin)
      ffi (~> 1.0)
    libddwaf (1.24.1.0.0-x86_64-darwin)
      ffi (~> 1.0)
    libddwaf (1.24.1.0.0-x86_64-linux)
      ffi (~> 1.0)
    libddwaf (1.24.1.0.0-x86_64-linux-gnu)
      ffi (~> 1.0)
    libddwaf (1.24.1.0.0-x86_64-linux-musl)
      ffi (~> 1.0)
    logger (1.7.0)
    method_source (1.1.0)
    msgpack (1.8.0)
    multi_json (1.17.0)
    mustermann (3.0.3)
      ruby2_keywords (~> 0.0.1)
    net-http (0.6.0)
      uri
    nio4r (2.7.4)
    pry (0.15.2)
      coderay (~> 1.1)
      method_source (~> 1.0)
    pry-byebug (3.11.0)
      byebug (~> 12.0)
      pry (>= 0.13, < 0.16)
    puma (6.6.0)
      nio4r (~> 2.0)
    rack (3.1.16)
    rack-contrib (2.5.0)
      rack (< 4)
    rack-protection (4.1.1)
      base64 (>= 0.1.0)
      logger (>= 1.6.0)
      rack (>= 3.0.0, < 4)
    rack-session (2.1.1)
      base64 (>= 0.1.0)
      rack (>= 3.0.0)
    ruby2_keywords (0.0.5)
    sinatra (4.1.1)
      logger (>= 1.6.0)
      mustermann (~> 3.0)
      rack (>= 3.0.0, < 4)
      rack-protection (= 4.1.1)
      rack-session (>= 2.0.0, < 3)
      tilt (~> 2.0)
    sinatra-contrib (4.1.1)
      multi_json (>= 0.0.2)
      mustermann (~> 3.0)
      rack-protection (= 4.1.1)
      sinatra (= 4.1.1)
      tilt (~> 2.0)
    tilt (2.6.1)
    uri (1.0.3)

PLATFORMS
  aarch64-linux-gnu
  aarch64-linux-musl
  arm-linux-gnu
  arm-linux-musl
  arm64-darwin
  ruby
  x86-linux-gnu
  x86-linux-musl
  x86_64-darwin
  x86_64-linux
  x86_64-linux-gnu
  x86_64-linux-musl

DEPENDENCIES
  datadog (~> 2.0)
  dogstatsd-ruby
  faraday
  pry-byebug
  puma (~> 6.0)
  rack-contrib
  sinatra (~> 4.1.0)
  sinatra-contrib (~> 4.1.0)

BUNDLED WITH
   2.5.21
