GIT
  remote: https://github.com/Datadog/dd-trace-rb
  revision: 8f0bc5dc95614f321e0806196280e2ea6c8e86e7
  ref: 8f0bc5dc95614f321e0806196280e2ea6c8e86e7
  specs:
    datadog (2.3.0)
      debase-ruby_core_source (= 3.3.1)
      libdatadog (~> 12.0.0.1.0)
      libddwaf (~> 1.14.0.0.0)
      msgpack

GEM
  remote: https://rubygems.org/
  specs:
    actioncable (7.0.1)
      actionpack (= 7.0.1)
      activesupport (= 7.0.1)
      nio4r (~> 2.0)
      websocket-driver (>= 0.6.1)
    actionmailbox (7.0.1)
      actionpack (= 7.0.1)
      activejob (= 7.0.1)
      activerecord (= 7.0.1)
      activestorage (= 7.0.1)
      activesupport (= 7.0.1)
      mail (>= 2.7.1)
      net-imap
      net-pop
      net-smtp
    actionmailer (7.0.1)
      actionpack (= 7.0.1)
      actionview (= 7.0.1)
      activejob (= 7.0.1)
      activesupport (= 7.0.1)
      mail (~> 2.5, >= 2.5.4)
      net-imap
      net-pop
      net-smtp
      rails-dom-testing (~> 2.0)
    actionpack (7.0.1)
      actionview (= 7.0.1)
      activesupport (= 7.0.1)
      rack (~> 2.0, >= 2.2.0)
      rack-test (>= 0.6.3)
      rails-dom-testing (~> 2.0)
      rails-html-sanitizer (~> 1.0, >= 1.2.0)
    actiontext (7.0.1)
      actionpack (= 7.0.1)
      activerecord (= 7.0.1)
      activestorage (= 7.0.1)
      activesupport (= 7.0.1)
      globalid (>= 0.6.0)
      nokogiri (>= 1.8.5)
    actionview (7.0.1)
      activesupport (= 7.0.1)
      builder (~> 3.1)
      erubi (~> 1.4)
      rails-dom-testing (~> 2.0)
      rails-html-sanitizer (~> 1.1, >= 1.2.0)
    activejob (7.0.1)
      activesupport (= 7.0.1)
      globalid (>= 0.3.6)
    activemodel (7.0.1)
      activesupport (= 7.0.1)
    activerecord (7.0.1)
      activemodel (= 7.0.1)
      activesupport (= 7.0.1)
    activestorage (7.0.1)
      actionpack (= 7.0.1)
      activejob (= 7.0.1)
      activerecord (= 7.0.1)
      activesupport (= 7.0.1)
      marcel (~> 1.0)
      mini_mime (>= 1.1.0)
    activesupport (7.0.1)
      concurrent-ruby (~> 1.0, >= 1.0.2)
      i18n (>= 1.6, < 2)
      minitest (>= 5.1)
      tzinfo (~> 2.0)
    addressable (2.8.0)
      public_suffix (>= 2.0.2, < 5.0)
    aws-eventstream (1.3.0)
    aws-partitions (1.977.0)
    aws-sdk-core (3.206.0)
      aws-eventstream (~> 1, >= 1.3.0)
      aws-partitions (~> 1, >= 1.651.0)
      aws-sigv4 (~> 1.9)
      jmespath (~> 1, >= 1.6.1)
    aws-sdk-sns (1.85.0)
      aws-sdk-core (~> 3, >= 3.205.0)
      aws-sigv4 (~> 1.5)
    aws-sdk-sqs (1.83.0)
      aws-sdk-core (~> 3, >= 3.205.0)
      aws-sigv4 (~> 1.5)
    aws-sigv4 (1.10.0)
      aws-eventstream (~> 1, >= 1.0.2)
    bcrypt (3.1.19)
    bindex (0.8.1)
    bootsnap (1.10.3)
      msgpack (~> 1.2)
    builder (3.2.4)
    capybara (3.40.0)
      addressable
      matrix
      mini_mime (>= 0.1.3)
      nokogiri (~> 1.11)
      rack (>= 1.6.0)
      rack-test (>= 0.6.3)
      regexp_parser (>= 1.5, < 3.0)
      xpath (~> 3.2)
    childprocess (4.1.0)
    coderay (1.1.3)
    concurrent-ruby (1.1.9)
    crass (1.0.6)
    debase-ruby_core_source (3.3.1)
    debug (1.4.0)
      irb (>= 1.3.6)
      reline (>= 0.2.7)
    devise (4.9.2)
      bcrypt (~> 3.0)
      orm_adapter (~> 0.1)
      railties (>= 4.1.0)
      responders
      warden (~> 1.2.3)
    digest (3.1.0)
    erubi (1.10.0)
    ffi (1.15.5)
    globalid (1.0.0)
      activesupport (>= 5.0)
    i18n (1.9.1)
      concurrent-ruby (~> 1.0)
    importmap-rails (1.0.2)
      actionpack (>= 6.0.0)
      railties (>= 6.0.0)
    io-console (0.5.11)
    io-wait (0.2.1)
    irb (1.4.1)
      reline (>= 0.3.0)
    jbuilder (2.11.5)
      actionview (>= 5.0.0)
      activesupport (>= 5.0.0)
    jmespath (1.6.2)
    libdatadog (12.0.0.1.0)
    libdatadog (12.0.0.1.0-aarch64-linux)
    libdatadog (12.0.0.1.0-x86_64-linux)
    libddwaf (1.14.0.0.0)
      ffi (~> 1.0)
    libddwaf (1.14.0.0.0-aarch64-linux)
      ffi (~> 1.0)
    libddwaf (1.14.0.0.0-arm64-darwin)
      ffi (~> 1.0)
    libddwaf (1.14.0.0.0-x86_64-darwin)
      ffi (~> 1.0)
    libddwaf (1.14.0.0.0-x86_64-linux)
      ffi (~> 1.0)
    loofah (2.13.0)
      crass (~> 1.0.2)
      nokogiri (>= 1.5.9)
    mail (2.7.1)
      mini_mime (>= 0.1.1)
    marcel (1.0.2)
    matrix (0.4.2)
    method_source (1.0.0)
    mini_mime (1.1.2)
    mini_portile2 (2.8.7)
    minitest (5.15.0)
    msgpack (1.4.4)
    net-imap (0.2.3)
      digest
      net-protocol
      strscan
    net-pop (0.1.1)
      digest
      net-protocol
      timeout
    net-protocol (0.1.2)
      io-wait
      timeout
    net-smtp (0.3.1)
      digest
      net-protocol
      timeout
    nio4r (2.5.8)
    nokogiri (1.16.7)
      mini_portile2 (~> 2.8.2)
      racc (~> 1.4)
    nokogiri (1.16.7-aarch64-linux)
      racc (~> 1.4)
    nokogiri (1.16.7-arm64-darwin)
      racc (~> 1.4)
    nokogiri (1.16.7-x86_64-darwin)
      racc (~> 1.4)
    nokogiri (1.16.7-x86_64-linux)
      racc (~> 1.4)
    orm_adapter (0.5.0)
    pry (0.14.1)
      coderay (~> 1.1)
      method_source (~> 1.0)
    public_suffix (4.0.6)
    puma (5.6.1)
      nio4r (~> 2.0)
    racc (1.6.0)
    rack (2.2.3)
    rack-test (1.1.0)
      rack (>= 1.0, < 3)
    rails (7.0.1)
      actioncable (= 7.0.1)
      actionmailbox (= 7.0.1)
      actionmailer (= 7.0.1)
      actionpack (= 7.0.1)
      actiontext (= 7.0.1)
      actionview (= 7.0.1)
      activejob (= 7.0.1)
      activemodel (= 7.0.1)
      activerecord (= 7.0.1)
      activestorage (= 7.0.1)
      activesupport (= 7.0.1)
      bundler (>= 1.15.0)
      railties (= 7.0.1)
    rails-dom-testing (2.0.3)
      activesupport (>= 4.2.0)
      nokogiri (>= 1.6)
    rails-html-sanitizer (1.4.2)
      loofah (~> 2.3)
    railties (7.0.1)
      actionpack (= 7.0.1)
      activesupport (= 7.0.1)
      method_source
      rake (>= 12.2)
      thor (~> 1.0)
      zeitwerk (~> 2.5)
    rake (13.0.6)
    rdkafka (0.18.0)
      ffi (~> 1.15)
      mini_portile2 (~> 2.6)
      rake (> 12)
    regexp_parser (2.2.0)
    reline (0.3.1)
      io-console (~> 0.5)
    responders (3.1.0)
      actionpack (>= 5.2)
      railties (>= 5.2)
    rexml (3.2.5)
    rubyzip (2.3.2)
    selenium-webdriver (4.1.0)
      childprocess (>= 0.5, < 5.0)
      rexml (~> 3.2, >= 3.2.5)
      rubyzip (>= 1.2.2)
    sprockets (4.0.2)
      concurrent-ruby (~> 1.0)
      rack (> 1, < 3)
    sprockets-rails (3.4.2)
      actionpack (>= 5.2)
      activesupport (>= 5.2)
      sprockets (>= 3.0.0)
    sqlite3 (1.7.3)
      mini_portile2 (~> 2.8.0)
    sqlite3 (1.7.3-aarch64-linux)
    sqlite3 (1.7.3-arm64-darwin)
    sqlite3 (1.7.3-x86_64-darwin)
    sqlite3 (1.7.3-x86_64-linux)
    stimulus-rails (1.0.2)
      railties (>= 6.0.0)
    strscan (3.0.1)
    thor (1.2.1)
    timeout (0.2.0)
    turbo-rails (1.0.1)
      actionpack (>= 6.0.0)
      railties (>= 6.0.0)
    tzinfo (2.0.4)
      concurrent-ruby (~> 1.0)
    warden (1.2.9)
      rack (>= 2.0.9)
    web-console (4.2.0)
      actionview (>= 6.0.0)
      activemodel (>= 6.0.0)
      bindex (>= 0.4.0)
      railties (>= 6.0.0)
    webdrivers (5.0.0)
      nokogiri (~> 1.6)
      rubyzip (>= 1.3.0)
      selenium-webdriver (~> 4.0)
    websocket-driver (0.7.5)
      websocket-extensions (>= 0.1.0)
    websocket-extensions (0.1.5)
    xpath (3.2.0)
      nokogiri (~> 1.8)
    zeitwerk (2.5.4)

PLATFORMS
  aarch64-linux
  arm64-darwin
  ruby
  x86_64-darwin
  x86_64-linux

DEPENDENCIES
  aws-sdk-sns (~> 1.0)
  aws-sdk-sqs (~> 1.0)
  bootsnap
  capybara
  datadog!
  debug
  devise
  importmap-rails
  jbuilder
  pry
  puma (~> 5.0)
  rails (~> 7.0.1)
  rdkafka
  selenium-webdriver
  sprockets-rails
  sqlite3 (~> 1.5)
  stimulus-rails
  turbo-rails
  tzinfo-data
  web-console
  webdrivers

RUBY VERSION
   ruby 3.1.2p20

BUNDLED WITH
   2.3.26
