GEM
  remote: https://rubygems.org/
  specs:
    base64 (0.3.0)
    coderay (1.1.3)
    ddtrace (1.0.0)
      debase-ruby_core_source (<= 0.10.15)
      libddwaf (~> 1.3.0.0.0.a)
      msgpack
    debase-ruby_core_source (0.10.15)
    dogstatsd-ruby (5.7.0)
    faraday (2.8.1)
      base64
      faraday-net_http (>= 2.0, < 3.1)
      ruby2_keywords (>= 0.0.4)
    faraday-net_http (3.0.2)
    ffi (1.17.2-aarch64-linux-gnu)
    libddwaf (1.3.0.0.0-aarch64-linux)
      ffi (~> 1.0)
    method_source (1.1.0)
    msgpack (1.8.0)
    nio4r (2.7.4)
    pry (0.15.2)
      coderay (~> 1.1)
      method_source (~> 1.0)
    puma (6.6.0)
      nio4r (~> 2.0)
    rack (1.6.13)
    rack-contrib (2.5.0)
      rack (< 4)
    rack-protection (1.5.5)
      rack
    ruby2_keywords (0.0.5)
    sinatra (1.4.8)
      rack (~> 1.5)
      rack-protection (~> 1.4)
      tilt (>= 1.3, < 3)
    tilt (2.6.1)

PLATFORMS
  aarch64-linux

DEPENDENCIES
  ddtrace (~> 1.0.0.a)
  dogstatsd-ruby
  faraday
  msgpack
  pry
  puma
  rack-contrib
  sinatra (~> 1.4.0)

BUNDLED WITH
   2.3.26
