GEM
  remote: https://rubygems.org/
  specs:
    base64 (0.3.0)
    coderay (1.1.3)
    ddtrace (1.0.0.beta1)
      debase-ruby_core_source (<= 0.10.14)
      libddwaf (~> 1.0.14.2.0.a)
      msgpack
    debase-ruby_core_source (0.10.14)
    dogstatsd-ruby (5.6.6)
    faraday (2.8.1)
      base64
      faraday-net_http (>= 2.0, < 3.1)
      ruby2_keywords (>= 0.0.4)
    faraday-net_http (3.0.2)
    ffi (1.15.5)
    libddwaf (1.0.14.2.0.beta1)
      ffi (~> 1.0)
    libddwaf (1.0.14.2.0.beta1-aarch64-linux)
      ffi (~> 1.0)
    libddwaf (1.0.14.2.0.beta1-arm64-darwin)
      ffi (~> 1.0)
    libddwaf (1.0.14.2.0.beta1-x86_64-darwin)
      ffi (~> 1.0)
    libddwaf (1.0.14.2.0.beta1-x86_64-linux)
      ffi (~> 1.0)
    method_source (1.0.0)
    msgpack (1.4.4)
    nio4r (2.5.8)
    pry (0.14.1)
      coderay (~> 1.1)
      method_source (~> 1.0)
    puma (5.6.1)
      nio4r (~> 2.0)
    rack (1.6.13)
    rack-contrib (1.8.0)
      rack (~> 1.4)
    rack-protection (1.5.5)
      rack
    ruby2_keywords (0.0.5)
    sinatra (1.4.8)
      rack (~> 1.5)
      rack-protection (~> 1.4)
      tilt (>= 1.3, < 3)
    tilt (2.0.10)

PLATFORMS
  aarch64-linux-gnu
  arm64-darwin
  ruby
  x86_64-darwin
  x86_64-linux-gnu

DEPENDENCIES
  ddtrace (~> 1.0.0.a)
  dogstatsd-ruby
  faraday
  msgpack
  pry
  puma
  rack-contrib
  sinatra (~> 1.4.0)

BUNDLED WITH
   2.3.26
