GEM
  remote: https://rubygems.org/
  specs:
    coderay (1.1.3)
    ddtrace (1.0.0.beta1)
      debase-ruby_core_source (<= 0.10.14)
      libddwaf (~> 1.0.14.2.0.a)
      msgpack
    debase-ruby_core_source (0.10.14)
    ffi (1.15.5)
    libddwaf (1.0.14.2.0.beta1)
      ffi (~> 1.0)
    method_source (1.0.0)
    msgpack (1.4.4)
    nio4r (2.7.0)
    pry (0.14.1)
      coderay (~> 1.1)
      method_source (~> 1.0)
    puma (5.6.8)
      nio4r (~> 2.0)
    rack (1.6.13)
    rack-contrib (1.8.0)
      rack (~> 1.4)
    rack-protection (1.5.5)
      rack
    sinatra (1.4.8)
      rack (~> 1.5)
      rack-protection (~> 1.4)
      tilt (>= 1.3, < 3)
    tilt (2.0.10)

PLATFORMS
  ruby

DEPENDENCIES
  ddtrace (~> 1.0.0.a)
  msgpack
  pry
  puma
  rack-contrib
  sinatra (~> 1.4.0)

BUNDLED WITH
   1.17.3
